GEM
  remote: https://rubygems.org/
  specs:
    erubis (2.7.0)
    haml (4.0.3)
      tilt
    hpricot (0.8.6)
    html2haml (1.0.1)
      erubis (~> 2.7.0)
      haml (>= 4.0.0.rc.1)
      hpricot (~> 0.8.6)
      ruby_parser (~> 3.1.1)
    ruby_parser (3.1.3)
      sexp_processor (~> 4.1)
    sexp_processor (4.3.0)
    tilt (1.4.1)

PLATFORMS
  ruby

DEPENDENCIES
  haml
  html2haml
